GEM
  remote: https://rubygems.org/
  specs:
    foreman (0.87.2)
    rake (13.0.3)

PLATFORMS
  ruby

DEPENDENCIES
  foreman
  rake

RUBY VERSION
   ruby 2.6.5p114

BUNDLED WITH
   2.0.2
