GEM
  specs:
    foreman (0.87.2)
    rake (13.0.3)

PLATFORMS
  ruby

DEPENDENCIES
  foreman
  rake

BUNDLED WITH
   2.0.2
